GEM
  remote: http://rubygems.org/
  specs:
    addressable (2.3.2)
    albino (1.3.3)
      posix-spawn (>= 0.3.6)
    classifier (1.3.3)
      fast-stemmer (>= 1.0.0)
    directory_watcher (1.4.1)
    excon (0.16.4)
    fast-stemmer (1.0.1)
    heroku (2.32.11)
      heroku-api (~> 0.3.5)
      launchy (>= 0.3.2)
      netrc (~> 0.7.7)
      rest-client (~> 1.6.1)
      rubyzip
    heroku-api (0.3.5)
      excon (~> 0.16.1)
    jekyll (0.11.2)
      albino (~> 1.3)
      classifier (~> 1.3)
      directory_watcher (~> 1.1)
      kramdown (~> 0.13)
      liquid (~> 2.3)
      maruku (~> 0.5)
    kramdown (0.14.0)
    launchy (2.1.2)
      addressable (~> 2.3)
    liquid (2.4.1)
    maruku (0.6.1)
      syntax (>= 1.0.0)
    mime-types (1.19)
    netrc (0.7.7)
    posix-spawn (0.3.6)
    pygmentize (0.0.3)
    rack (1.4.1)
    rack-contrib (1.1.0)
      rack (>= 0.9.1)
    rdiscount (1.6.8)
    rest-client (1.6.7)
      mime-types (>= 1.16)
    rubyzip (0.9.9)
    shotgun (0.9)
      rack (>= 1.0)
    syntax (1.0.0)

PLATFORMS
  ruby

DEPENDENCIES
  heroku
  jekyll
  pygmentize
  rack-contrib
  rdiscount
  shotgun
